GIT
  remote: git://github.com/stympy/faker.git
  revision: be8fc6741bbcec08782208ec7068e889cc16e7e6
  branch: master
  specs:
    faker (1.8.4)
      i18n (~> 0.5)

GEM
  specs:
    i18n (0.8.6)

PLATFORMS
  ruby

DEPENDENCIES
  faker!

BUNDLED WITH
   1.13.7
